PATH
  remote: .
  specs:
    pix (0.1.0)
      phlex (~> 1.8.1)

GEM
  remote: https://rubygems.org/
  specs:
    ast (2.4.2)
    cgi (0.3.6)
    coderay (1.1.3)
    concurrent-ruby (1.2.2)
    erb (4.0.2)
      cgi (>= 0.3.3)
    json (2.6.3)
    language_server-protocol (3.17.0.3)
    method_source (1.0.0)
    minitest (5.17.0)
    parallel (1.23.0)
    parser (3.2.2.3)
      ast (~> 2.4.1)
      racc
    phlex (1.8.1)
      concurrent-ruby (~> 1.2)
      erb (>= 4)
      zeitwerk (~> 2.6)
    pry (0.14.2)
      coderay (~> 1.1)
      method_source (~> 1.0)
    racc (1.7.1)
    rainbow (3.1.1)
    rake (13.0.6)
    regexp_parser (2.8.1)
    rexml (3.2.5)
    rubocop (1.54.1)
      json (~> 2.3)
      language_server-protocol (>= 3.17.0)
      parallel (~> 1.10)
      parser (>= 3.2.2.3)
      rainbow (>= 2.2.2, < 4.0)
      regexp_parser (>= 1.8, < 3.0)
      rexml (>= 3.2.5, < 4.0)
      rubocop-ast (>= 1.28.0, < 2.0)
      ruby-progressbar (~> 1.7)
      unicode-display_width (>= 2.4.0, < 3.0)
    rubocop-ast (1.29.0)
      parser (>= 3.2.1.0)
    ruby-progressbar (1.13.0)
    unicode-display_width (2.4.2)
    zeitwerk (2.6.9)

PLATFORMS
  x86_64-linux-musl

DEPENDENCIES
  minitest (~> 5.0)
  pix!
  pry
  rake (~> 13.0)
  rubocop (~> 1.21)

BUNDLED WITH
   2.4.6
